PATH
  remote: .
  specs:
    capistrano-anycable (0.1.0)

GEM
  remote: https://rubygems.org/
  specs:
    ast (2.4.0)
    jaro_winkler (1.5.2)
    parallel (1.13.0)
    parser (2.6.0.0)
      ast (~> 2.4.0)
    powerpack (0.1.2)
    rainbow (3.0.0)
    rake (13.0.1)
    rubocop (0.63.1)
      jaro_winkler (~> 1.5.1)
      parallel (~> 1.10)
      parser (>= 2.5, != 2.5.1.1)
      powerpack (~> 0.1)
      rainbow (>= 2.2.2, < 4.0)
      ruby-progressbar (~> 1.7)
      unicode-display_width (~> 1.4.0)
    rubocop-md (0.2.0)
      rubocop (~> 0.50)
    ruby-progressbar (1.10.0)
    standard (0.0.26)
      rubocop (>= 0.63)
    unicode-display_width (1.4.1)

PLATFORMS
  ruby

DEPENDENCIES
  bundler (>= 1.17)
  capistrano-anycable!
  rake (>= 10.0)
  rubocop (~> 0.63.0)
  rubocop-md (~> 0.2)
  standard (~> 0.0.12)

BUNDLED WITH
   1.17.3
